PATH
  remote: .
  specs:
    img_to_pdf (0.1.0)
      mini_magick
      prawn

GEM
  remote: https://rubygems.org/
  specs:
    ast (2.4.2)
    docile (1.3.5)
    mini_magick (4.11.0)
    parallel (1.20.1)
    parser (3.0.1.1)
      ast (~> 2.4.1)
    pdf-core (0.9.0)
    power_assert (2.0.0)
    prawn (2.4.0)
      pdf-core (~> 0.9.0)
      ttfunk (~> 1.7)
    rainbow (3.0.0)
    rake (13.0.3)
    regexp_parser (2.1.1)
    rexml (3.2.5)
    rubocop (1.12.1)
      parallel (~> 1.10)
      parser (>= 3.0.0.0)
      rainbow (>= 2.2.2, < 4.0)
      regexp_parser (>= 1.8, < 3.0)
      rexml
      rubocop-ast (>= 1.2.0, < 2.0)
      ruby-progressbar (~> 1.7)
      unicode-display_width (>= 1.4.0, < 3.0)
    rubocop-ast (1.4.1)
      parser (>= 2.7.1.5)
    ruby-progressbar (1.11.0)
    simplecov (0.19.0)
      docile (~> 1.1)
      simplecov-html (~> 0.11)
    simplecov-html (0.12.3)
    simplecov-lcov (0.8.0)
    test-unit (3.4.4)
      power_assert
    ttfunk (1.7.0)
    unicode-display_width (2.0.0)

PLATFORMS
  ruby

DEPENDENCIES
  img_to_pdf!
  rake
  rubocop
  simplecov
  simplecov-lcov
  test-unit

BUNDLED WITH
   2.2.23
