PATH
  remote: .
  specs:
    img_to_pdf (0.1.0)
      mini_magick
      prawn

GEM
  remote: https://rubygems.org/
  specs:
    ast (2.4.1)
    docile (1.3.2)
    mini_magick (4.11.0)
    parallel (1.20.1)
    parser (2.7.2.0)
      ast (~> 2.4.1)
    pdf-core (0.8.1)
    power_assert (1.2.0)
    prawn (2.3.0)
      pdf-core (~> 0.8.1)
      ttfunk (~> 1.6)
    rainbow (3.0.0)
    rake (13.0.1)
    regexp_parser (2.0.0)
    rexml (3.2.4)
    rubocop (1.6.1)
      parallel (~> 1.10)
      parser (>= 2.7.1.5)
      rainbow (>= 2.2.2, < 4.0)
      regexp_parser (>= 1.8, < 3.0)
      rexml
      rubocop-ast (>= 1.2.0, < 2.0)
      ruby-progressbar (~> 1.7)
      unicode-display_width (>= 1.4.0, < 2.0)
    rubocop-ast (1.3.0)
      parser (>= 2.7.1.5)
    ruby-progressbar (1.10.1)
    simplecov (0.19.0)
      docile (~> 1.1)
      simplecov-html (~> 0.11)
    simplecov-html (0.12.3)
    simplecov-lcov (0.8.0)
    test-unit (3.3.6)
      power_assert
    ttfunk (1.6.2.1)
    unicode-display_width (1.7.0)

PLATFORMS
  ruby

DEPENDENCIES
  img_to_pdf!
  rake
  rubocop
  simplecov
  simplecov-lcov
  test-unit

BUNDLED WITH
   2.1.4
