PATH
  remote: .
  specs:
    img_to_pdf (0.1.0)
      mini_magick
      prawn

GEM
  remote: https://rubygems.org/
  specs:
    mini_magick (4.10.1)
    pdf-core (0.8.1)
    power_assert (1.2.0)
    prawn (2.3.0)
      pdf-core (~> 0.8.1)
      ttfunk (~> 1.6)
    rake (13.0.1)
    test-unit (3.3.6)
      power_assert
    ttfunk (1.6.2.1)

PLATFORMS
  ruby

DEPENDENCIES
  img_to_pdf!
  rake
  test-unit

BUNDLED WITH
   2.1.4
